GEM
  remote: https://rubygems.org/
  specs:
    clipboard (1.3.6)
    mysql2 (0.5.3)

PLATFORMS
  x86_64-linux

DEPENDENCIES
  clipboard (>= 1.3.6, < 2)
  mysql2 (>= 0.5.3, < 1)

RUBY VERSION
   ruby 2.5.5p157

BUNDLED WITH
   2.3.9
